GEM
  remote: https://rubygems.org/
  specs:
    clever-api (0.0.2)
      rest-client
    compass_rose (0.1.3)
    crass (1.0.2)
    domain_name (0.5.24)
      unf (>= 0.0.5, < 1.0.0)
    eventmachine (1.0.7)
    faraday (0.9.1)
      multipart-post (>= 1.2, < 3)
    faye-websocket (0.10.0)
      eventmachine (>= 0.12.0)
      websocket-driver (>= 0.5.1)
    forecast_io (2.0.0)
      faraday
      hashie
      multi_json
    geocoder (1.2.9)
    hashie (3.4.2)
    http-cookie (1.0.2)
      domain_name (~> 0.5)
    http_router (0.11.2)
      rack (>= 1.0.0)
      url_mount (~> 0.2.1)
    i18n (0.7.0)
    ice_nine (0.11.1)
    lita (4.4.3)
      bundler (>= 1.3)
      faraday (>= 0.8.7)
      http_router (>= 0.11.1)
      i18n (>= 0.6.9)
      ice_nine (>= 0.11.0)
      multi_json (>= 1.7.7)
      puma (>= 2.7.1)
      rack (>= 1.5.2)
      rb-readline (>= 0.5.1)
      redis-namespace (>= 1.3.0)
      thor (>= 0.18.1)
    lita-answers (0.0.3)
      lita (>= 2.7)
    lita-clever (0.0.2)
      clever-api (>= 0.0.2)
      lita (>= 2.0)
    lita-directions (1.0.2)
      lita (>= 4.1)
      rest-client
    lita-forecast (0.1.7)
      compass_rose (~> 0.1.0)
      forecast_io (~> 2.0.0)
      geocoder (~> 1.1, >= 1.1.9)
      hashie (~> 3.0)
      lita (>= 3.0.0)
    lita-google (1.1.0)
      lita (>= 4.0)
    lita-google-images (2.0.0)
      lita (>= 4.0)
    lita-memegen (1.2.1)
      lita (>= 2.0)
    lita-pivotal-tracker (0.1.0)
      lita (>= 3.2)
    lita-quote (0.1.1)
      lita (~> 4.0)
    lita-slack (1.5.0)
      eventmachine
      faraday
      faye-websocket (>= 0.8.0)
      lita (>= 4.4.2)
      multi_json
    lita-stocks (0.0.7)
      lita (>= 2.3)
    lita-urban-dictionary (1.1.0)
      lita (>= 4.0)
    lita-wikipedia (0.1.0)
      lita (>= 3.1)
      nokogiri (>= 1.6.6)
      sanitize (>= 3.1.2)
    lita-yo (0.0.1)
      lita (>= 3.3)
    lita-youtube (1.0.0)
      lita (>= 4.0)
    mime-types (2.6.1)
    mini_portile2 (2.6.1)
    multi_json (1.11.2)
    multipart-post (2.0.0)
    netrc (0.10.3)
    newrelic_rpm (3.12.1.298)
    nokogiri (1.12.5)
      mini_portile2 (~> 2.6.1)
      racc (~> 1.4)
    nokogumbo (1.4.1)
      nokogiri
    puma (2.11.3)
      rack (>= 1.1, < 2.0)
    racc (1.5.2)
    rack (1.6.4)
    rb-readline (0.5.3)
    redis (3.2.1)
    redis-namespace (1.5.2)
      redis (~> 3.0, >= 3.0.4)
    rest-client (1.8.0)
      http-cookie (>= 1.0.2, < 2.0)
      mime-types (>= 1.16, < 3.0)
      netrc (~> 0.7)
    sanitize (4.0.0)
      crass (~> 1.0.2)
      nokogiri (>= 1.4.4)
      nokogumbo (= 1.4.1)
    thor (0.19.1)
    unf (0.1.4)
      unf_ext
    unf_ext (0.0.7.1)
    url_mount (0.2.1)
      rack
    websocket-driver (0.6.1)
      websocket-extensions (>= 0.1.0)
    websocket-extensions (0.1.2)

PLATFORMS
  ruby

DEPENDENCIES
  lita
  lita-answers
  lita-clever
  lita-directions
  lita-forecast
  lita-google
  lita-google-images
  lita-memegen
  lita-pivotal-tracker
  lita-quote
  lita-slack
  lita-stocks
  lita-urban-dictionary
  lita-wikipedia
  lita-yo
  lita-youtube
  newrelic_rpm
